Brain Vision Data Exchange Header File Version 1.0
; Data created by Matlab script ScopeMath_Arduino
[Common Infos]
DataFile=/Users/rorden/Desktop/stimsync/Matlab/130324_080028.eeg
DataFormat=BINARY
DataOrientation=MULTIPLEXED
DataType=TIMEDOMAIN
NumberOfChannels=1
SamplingInterval=5000.000000
DataPoints=180
[Binary Infos]
BinaryFormat=IEEE_FLOAT_32
[Channel Infos]
Ch1=1,,1,µV
